GEM
  remote: http://rubygems.org/
  specs:
    ruby2ruby (1.3.1)
      ruby_parser (~> 2.0)
      sexp_processor (~> 3.0)
    ruby_parser (2.3.1)
      sexp_processor (~> 3.0)
    sexp_processor (3.2.0)

PLATFORMS
  ruby

DEPENDENCIES
  ruby2ruby (= 1.3.1)
  ruby_parser (= 2.3.1)
  sexp_processor (= 3.2.0)
